GEM
  remote: http://rubygems.org/
  specs:
    activesupport (3.2.2)
      i18n (~> 0.6)
      multi_json (~> 1.0)
    addressable (2.2.7)
    albino (1.3.3)
      posix-spawn (>= 0.3.6)
    classifier (1.3.3)
      fast-stemmer (>= 1.0.0)
    directory_watcher (1.4.1)
    fast-stemmer (1.0.1)
    foreman (0.45.0)
      thor (>= 0.13.6)
    heroku (2.24.1)
      launchy (>= 0.3.2)
      netrc (~> 0.7.1)
      rest-client (~> 1.6.1)
      rubyzip
    i18n (0.6.0)
    jekyll (0.11.2)
      albino (~> 1.3)
      classifier (~> 1.3)
      directory_watcher (~> 1.1)
      kramdown (~> 0.13)
      liquid (~> 2.3)
      maruku (~> 0.5)
    kramdown (0.13.6)
    launchy (2.1.0)
      addressable (~> 2.2.6)
    liquid (2.3.0)
    maruku (0.6.0)
      syntax (>= 1.0.0)
    mime-types (1.18)
    multi_json (1.3.5)
    netrc (0.7.1)
    posix-spawn (0.3.6)
    rake (0.9.2.2)
    rest-client (1.6.7)
      mime-types (>= 1.16)
    rubyzip (0.9.6.1)
    syntax (1.0.0)
    thor (0.15.0)
    twitter-text (1.4.17)
      activesupport

PLATFORMS
  ruby

DEPENDENCIES
  foreman
  heroku
  jekyll (~> 0.11.2)
  kramdown
  rake
  twitter-text
